PATH
  remote: .
  specs:
    mikado_graph_generator (0.2.2)

GEM
  remote: https://rubygems.org/
  specs:
    diff-lcs (1.3)
    rake (10.5.0)
    rspec (3.5.0)
      rspec-core (~> 3.5.0)
      rspec-expectations (~> 3.5.0)
      rspec-mocks (~> 3.5.0)
    rspec-core (3.5.4)
      rspec-support (~> 3.5.0)
    rspec-expectations (3.5.0)
      diff-lcs (>= 1.2.0, < 2.0)
      rspec-support (~> 3.5.0)
    rspec-mocks (3.5.0)
      diff-lcs (>= 1.2.0, < 2.0)
      rspec-support (~> 3.5.0)
    rspec-support (3.5.0)
    ruby-graphviz (1.2.2)

PLATFORMS
  ruby

DEPENDENCIES
  bundler (~> 1.14)
  mikado_graph_generator!
  rake (~> 10.0)
  rspec (~> 3.0)
  ruby-graphviz (~> 1.2)

BUNDLED WITH
   1.14.3
